GEM
  remote: https://rubygems.org/
  specs:
    atlassian-jwt (0.1.1)
      jwt (~> 1.5)
    coderay (1.1.2)
    json (2.1.0)
    jwt (1.5.6)
    method_source (0.9.0)
    pry (0.11.3)
      coderay (~> 1.1.0)
      method_source (~> 0.9.0)

PLATFORMS
  ruby

DEPENDENCIES
  atlassian-jwt
  json
  pry

RUBY VERSION
   ruby 2.4.2p198

BUNDLED WITH
   1.16.1
